GEM
  remote: https://rubygems.org/
  specs:
    ably-rest (1.1.2)
      addressable (>= 2.0.0)
      excon (~> 0.55)
      faraday (~> 0.12)
      json
      msgpack (>= 0.6.2)
    addressable (2.7.0)
      public_suffix (>= 2.0.2, < 5.0)
    excon (0.78.0)
    faraday (0.17.3)
      multipart-post (>= 1.2, < 3)
    httpclient (2.8.2.4)
    json (2.3.1)
    msgpack (1.3.3)
    multi_json (1.12.1)
    multipart-post (2.1.1)
    public_suffix (4.0.6)
    pusher (1.3.0)
      httpclient (~> 2.7)
      multi_json (~> 1.0)
      pusher-signature (~> 0.1.8)
    pusher-signature (0.1.8)
    rack (1.6.13)
    rack-protection (1.5.5)
      rack
    sinatra (1.4.7)
      rack (~> 1.5)
      rack-protection (~> 1.4)
      tilt (>= 1.3, < 3)
    tilt (2.0.5)

PLATFORMS
  ruby

DEPENDENCIES
  ably-rest
  pusher
  sinatra

RUBY VERSION
   ruby 2.7.0p0

BUNDLED WITH
   1.14.6
