GEM
  remote: https://rubygems.org/
  specs:
    ably-rest (1.1.7)
      addressable (>= 2.0.0)
      excon (~> 0.55)
      faraday (~> 1.0)
      json
      msgpack (>= 0.6.2)
      typhoeus (~> 1.4)
    addressable (2.8.0)
      public_suffix (>= 2.0.2, < 5.0)
    ethon (0.15.0)
      ffi (>= 1.15.0)
    excon (0.89.0)
    faraday (1.9.3)
      faraday-em_http (~> 1.0)
      faraday-em_synchrony (~> 1.0)
      faraday-excon (~> 1.1)
      faraday-httpclient (~> 1.0)
      faraday-multipart (~> 1.0)
      faraday-net_http (~> 1.0)
      faraday-net_http_persistent (~> 1.0)
      faraday-patron (~> 1.0)
      faraday-rack (~> 1.0)
      faraday-retry (~> 1.0)
      ruby2_keywords (>= 0.0.4)
    faraday-em_http (1.0.0)
    faraday-em_synchrony (1.0.0)
    faraday-excon (1.1.0)
    faraday-httpclient (1.0.1)
    faraday-multipart (1.0.2)
      multipart-post (>= 1.2, < 3)
    faraday-net_http (1.0.1)
    faraday-net_http_persistent (1.2.0)
    faraday-patron (1.0.0)
    faraday-rack (1.0.0)
    faraday-retry (1.0.3)
    ffi (1.15.4)
    httpclient (2.8.2.4)
    json (2.6.1)
    msgpack (1.4.2)
    multi_json (1.12.1)
    multipart-post (2.1.1)
    mustermann (1.1.1)
      ruby2_keywords (~> 0.0.1)
    public_suffix (4.0.6)
    pusher (1.3.0)
      httpclient (~> 2.7)
      multi_json (~> 1.0)
      pusher-signature (~> 0.1.8)
    pusher-signature (0.1.8)
    rack (2.2.3)
    rack-protection (2.1.0)
      rack
    ruby2_keywords (0.0.5)
    sinatra (2.1.0)
      mustermann (~> 1.0)
      rack (~> 2.2)
      rack-protection (= 2.1.0)
      tilt (~> 2.0)
    tilt (2.0.10)
    typhoeus (1.4.0)
      ethon (>= 0.9.0)
    webrick (1.7.0)

PLATFORMS
  ruby

DEPENDENCIES
  ably-rest
  pusher
  sinatra
  webrick (~> 1.7)

RUBY VERSION
   ruby 3.0.1p64

BUNDLED WITH
   2.2.17
